GEM
  remote: https://rubygems.org/
  specs:
    httparty (0.14.0)
      multi_xml (>= 0.5.2)
    jwt (1.5.6)
    multi_xml (0.5.5)

PLATFORMS
  ruby

DEPENDENCIES
  httparty
  jwt

BUNDLED WITH
   1.13.2
